GEM
  remote: https://rubygems.org/
  specs:
    appsignal (1.3.6)
      rack
      thread_safe
    rack (1.6.4)
    rack-protection (1.5.3)
      rack
    sinatra (1.4.7)
      rack (~> 1.5)
      rack-protection (~> 1.4)
      tilt (>= 1.3, < 3)
    thread_safe (0.3.5)
    tilt (2.0.5)

PLATFORMS
  ruby

DEPENDENCIES
  appsignal
  sinatra

BUNDLED WITH
   1.13.2
